GEM
  remote: https://rubygems.org/
  specs:
    coderay (1.0.9)
    ffi (1.8.1)
    formatador (0.2.4)
    guard (1.7.0)
      formatador (>= 0.2.4)
      listen (>= 0.6.0)
      lumberjack (>= 1.0.2)
      pry (>= 0.9.10)
      thor (>= 0.14.6)
    guard-helpers (0.0.3)
    guard-jade (0.1.2)
      guard (~> 1.7.0)
      guard-helpers (~> 0.0.3)
    libnotify (0.8.0)
      ffi (>= 1.0.11)
    listen (0.7.3)
    lumberjack (1.0.3)
    method_source (0.8.1)
    pry (0.9.12.2)
      coderay (~> 1.0.5)
      method_source (~> 0.8)
      slop (~> 3.4)
    rb-fchange (0.0.6)
      ffi
    rb-fsevent (0.9.3)
    rb-inotify (0.8.8)
      ffi (>= 0.5.0)
    slop (3.4.5)
    terminal-notifier-guard (1.5.3)
    thor (0.18.1)

PLATFORMS
  ruby

DEPENDENCIES
  guard (~> 1.7.0)
  guard-helpers
  guard-jade
  libnotify
  rb-fchange
  rb-fsevent
  rb-inotify (~> 0.8.8)
  terminal-notifier-guard
